GEM
  remote: https://rubygems.org/
  specs:
    activemodel (4.0.4)
      activesupport (= 4.0.4)
      builder (~> 3.1.0)
    activerecord (4.0.4)
      activemodel (= 4.0.4)
      activerecord-deprecated_finders (~> 1.0.2)
      activesupport (= 4.0.4)
      arel (~> 4.0.0)
    activerecord-deprecated_finders (1.0.3)
    activesupport (4.0.4)
      i18n (~> 0.6, >= 0.6.9)
      minitest (~> 4.2)
      multi_json (~> 1.3)
      thread_safe (~> 0.1)
      tzinfo (~> 0.3.37)
    amazon-ecs (2.2.5)
      nokogiri (~> 1.4)
      ruby-hmac (~> 0.3)
    arel (4.0.2)
    atomic (1.1.16)
    backports (3.6.0)
    builder (3.1.4)
    coderay (1.1.0)
    i18n (0.6.9)
    method_source (0.8.2)
    mini_portile (0.6.0)
    minitest (4.7.5)
    multi_json (1.9.2)
    nokogiri (1.6.2.1)
      mini_portile (= 0.6.0)
    pg (0.17.1)
    pry (0.9.12.6)
      coderay (~> 1.0)
      method_source (~> 0.8)
      slop (~> 3.4)
    pry-doc (0.6.0)
      pry (~> 0.9)
      yard (~> 0.8)
    rack (1.5.2)
    rack-protection (1.5.2)
      rack
    rack-test (0.6.2)
      rack (>= 1.0)
    rake (10.1.0)
    ruby-hmac (0.4.0)
    sinatra (1.4.4)
      rack (~> 1.4)
      rack-protection (~> 1.4)
      tilt (~> 1.3, >= 1.3.4)
    sinatra-activerecord (1.5.0)
      activerecord (>= 3.0)
      sinatra (~> 1.0)
    sinatra-contrib (1.4.2)
      backports (>= 2.0)
      multi_json
      rack-protection
      rack-test
      sinatra (~> 1.4.0)
      tilt (~> 1.3)
    slop (3.5.0)
    sqlite3 (1.3.9)
    thread_safe (0.3.1)
      atomic (>= 1.1.7, < 2)
    tilt (1.4.1)
    tzinfo (0.3.39)
    yard (0.8.7.4)

PLATFORMS
  ruby

DEPENDENCIES
  activerecord
  activesupport
  amazon-ecs
  pg
  pry
  pry-doc
  rake
  sinatra
  sinatra-activerecord
  sinatra-contrib
  sqlite3
